REDIRECTS: ON
RESTRICTION: == net461
NUGET
  remote: paket-files/github.com/pmiossec/NugetRepo/Nugets
    PaketReproPackage (2.0)
      System.Net.Http (>= 4.3.3 < 4.4)
  remote: https://api.nuget.org/v3/index.json
    System.Net.Http (4.3.3)
      System.Security.Cryptography.X509Certificates (>= 4.3)
    System.Security.Cryptography.Algorithms (4.3.1)
      System.Security.Cryptography.Primitives (>= 4.3)
    System.Security.Cryptography.Encoding (4.3)
    System.Security.Cryptography.Primitives (4.3)
    System.Security.Cryptography.X509Certificates (4.3.2)
      System.Security.Cryptography.Algorithms (>= 4.3)
      System.Security.Cryptography.Encoding (>= 4.3)
    xunit (2.3.1)
      xunit.analyzers (>= 0.7)
      xunit.assert (2.3.1)
      xunit.core (2.3.1)
    xunit.abstractions (2.0.1)
    xunit.analyzers (0.8)
    xunit.assert (2.3.1)
    xunit.core (2.3.1)
      xunit.extensibility.core (2.3.1)
      xunit.extensibility.execution (2.3.1)
    xunit.extensibility.core (2.3.1)
      xunit.abstractions (>= 2.0.1)
    xunit.extensibility.execution (2.3.1)
      xunit.extensibility.core (2.3.1)
    xunit.runner.visualstudio (2.3.1)
GIT
  remote: https://github.com/pmiossec/NugetRepo.git
     (d83eb9ce262a6bd15940d4fccd0ad71a3212ad99)
      path: /Nugets/