REDIRECTS: ON
RESTRICTION: == net461
NUGET
  remote: https://api.nuget.org/v3/index.json
    xunit (2.3.1)
      xunit.analyzers (>= 0.7)
      xunit.assert (2.3.1)
      xunit.core (2.3.1)
    xunit.abstractions (2.0.1)
    xunit.analyzers (0.8)
    xunit.assert (2.3.1)
    xunit.core (2.3.1)
      xunit.extensibility.core (2.3.1)
      xunit.extensibility.execution (2.3.1)
    xunit.extensibility.core (2.3.1)
      xunit.abstractions (>= 2.0.1)
    xunit.extensibility.execution (2.3.1)
      xunit.extensibility.core (2.3.1)
GIT
  remote: https://github.com/pmiossec/NugetRepo.git
     (8dc45b8c570333ae00b40ea48f71b0de532ac9a8)
      path: /Nugets/